GEM
  remote: https://rubygems.org/
  specs:
    actionmailer (2.3.14)
      actionpack (= 2.3.14)
    actionpack (2.3.14)
      activesupport (= 2.3.14)
      rack (~> 1.1.0)
    activerecord (2.3.14)
      activesupport (= 2.3.14)
    activeresource (2.3.14)
      activesupport (= 2.3.14)
    activesupport (2.3.14)
    addressable (2.2.6)
    archive-tar-minitar (0.5.2)
    arel (3.0.0)
    attr_encrypted (1.2.0)
      encryptor (>= 1.1.1)
    awesome_print (1.0.2)
    backports (3.6.8)
    bitly (0.7.0)
      crack (>= 0.1.4)
      httparty (>= 0.7.6)
      oauth2 (~> 0.5.0)
    builder (3.0.0)
    bunny (0.7.9)
    calais (0.0.13)
      json (>= 1.1.3)
      nokogiri (>= 1.3.3)
    cgi_multipart_eof_fix (2.5.0)
    chronic (0.6.7)
    color (1.4.1)
    columnize (0.3.6)
    crack (0.3.1)
    curl (0.0.9)
      awesome_print (>= 0.2.1)
      unidecoder (>= 1.1.1)
    daemons (1.1.8)
    delayed_job (2.0.4)
      daemons
    diff-lcs (1.1.3)
    encryptor (1.1.3)
    erubis (2.7.0)
    eventmachine (0.12.10)
    extensions (0.6.0)
    faraday (0.7.6)
      addressable (~> 2.2)
      multipart-post (~> 1.1)
      rack (~> 1.1)
    fastercsv (1.5.4)
    fastthread (1.0.7)
    feedvalidator (0.1.2)
    ferret (0.11.8.6)
    ffmpeg (0.2.5)
    gem_plugin (0.2.3)
    gruff (0.3.6)
    has_finder (0.1.5)
    hashie (1.2.0)
    hike (1.2.1)
    hodel_3000_compliant_logger (0.1.0)
    hoe (2.13.1)
      rake (~> 0.8)
    hpricot (0.8.6)
    htmlentities (4.3.1)
    httparty (0.8.1)
      multi_json
      multi_xml
    httpclient (2.2.4)
    i18n (0.6.0)
    icalendar (1.1.6)
    iobuffer (1.1.2)
    journey (1.0.1)
    json (1.6.5)
    json_pure (1.6.5)
    kgio (2.7.2)
    libxml-ruby (2.7.0)
    linecache (0.46)
      rbx-require-relative (> 0.0.4)
    linkedin (0.3.7)
      hashie (~> 1.2)
      multi_json (~> 1.0)
      oauth (~> 0.4)
    mail (2.4.1)
      i18n (>= 0.4.0)
      mime-types (~> 1.16)
      treetop (~> 1.4.8)
    memprof (0.3.10)
      rest-client (>= 1.4.2)
      term-ansicolor
    mime-types (1.17.2)
    mongrel (1.1.5)
      cgi_multipart_eof_fix (>= 2.4)
      daemons (>= 1.0.3)
      fastthread (>= 1.0.1)
      gem_plugin (>= 0.2.3)
    mongrel_cluster (1.0.5)
      gem_plugin (>= 0.2.3)
      mongrel (>= 1.0.2)
    multi_json (1.0.4)
    multi_xml (0.4.1)
    multipart-post (1.1.5)
    net-purge (0.1.0)
    net-sftp (2.0.5)
      net-ssh (>= 2.0.9)
    net-ssh (2.3.0)
    newrelic_rpm (3.3.1)
    nokogiri (1.5.0)
    oauth (0.4.5)
    oauth2 (0.5.2)
      faraday (~> 0.7)
      multi_json (~> 1.0)
    oink (0.9.3)
      activerecord
      hodel_3000_compliant_logger
    open4 (1.3.0)
    os (0.9.6)
    parseexcel (0.5.2)
    pdf-writer (1.1.8)
      color (>= 1.4.0)
      transaction-simple (~> 1.3)
    polyglot (0.3.3)
    postgres-pr (0.6.3)
    pr_geohash (1.0.0)
    rack (1.1.6)
    rack-cache (1.1)
      rack (>= 0.4)
    rack-mount (0.8.3)
      rack (>= 1.0.0)
    rack-protection (1.2.0)
      rack
    rack-ssl (1.3.2)
      rack
    rack-test (0.6.1)
      rack (>= 1.0)
    rails (2.3.14)
      actionmailer (= 2.3.14)
      actionpack (= 2.3.14)
      activerecord (= 2.3.14)
      activeresource (= 2.3.14)
      activesupport (= 2.3.14)
      rake (>= 0.8.3)
    raindrops (0.8.0)
    rake (0.9.2.2)
    rbx-require-relative (0.0.5)
    rdoc (3.12)
      json (~> 1.4)
    request-log-analyzer (1.12.8)
    rest-client (1.6.7)
      mime-types (>= 1.16)
    rev (0.3.2)
      iobuffer (>= 0.1.3)
    rmagick (2.16.0)
    rsolr (1.0.8)
      builder (>= 2.1.2)
    ruby-debug (0.10.4)
      columnize (>= 0.1)
      ruby-debug-base (~> 0.10.4.0)
    ruby-debug-base (0.10.4)
      linecache (>= 0.3)
    ruby-hmac (0.4.0)
    ruby-ole (1.2.11.2)
    rubyforge (2.0.4)
      json_pure (>= 1.1.7)
    sanitize (2.0.3)
      nokogiri (>= 1.4.4, < 1.6)
    scruffy (0.2.6)
    simple_oauth (0.1.5)
    sinatra (1.2.9)
      backports
      rack (~> 1.1, < 1.5)
      tilt (>= 1.2.2, < 2.0)
    soap4r (1.5.8)
      httpclient (>= 2.1.1)
    spreadsheet (0.6.8)
      ruby-ole (>= 1.0)
    spreadsheet-excel (0.3.5.1)
    sprockets (2.1.2)
      hike (~> 1.2)
      rack (~> 1.0)
      tilt (~> 1.1, != 1.3.0)
    sqlite3 (1.3.5)
    sqlite3-ruby (1.3.3)
      sqlite3 (>= 1.3.3)
    ssh (1.0.0)
      open4 (~> 1.0)
    sunspot (1.3.3)
      pr_geohash (~> 1.0)
      rsolr (~> 1.0.7)
    sunspot_rails (1.3.3)
      nokogiri
      sunspot (= 1.3.3)
    term-ansicolor (1.0.7)
    thin (1.3.1)
      daemons (>= 1.0.9)
      eventmachine (>= 0.12.6)
      rack (>= 1.0.0)
    thor (0.14.6)
    tilt (1.3.3)
    transaction-simple (1.4.0)
      hoe (>= 1.1.7)
    treetop (1.4.10)
      polyglot
      polyglot (>= 0.3.1)
    tzinfo (0.3.31)
    unicorn (4.6.3)
      kgio (~> 2.6)
      rack
      raindrops (~> 0.7)
    unidecoder (1.1.1)
    xhtmldiff (1.0.0)
      diff-lcs (>= 1.1.1)
    xml-simple (1.1.1)

PLATFORMS
  ruby

DEPENDENCIES
  addressable (= 2.2.6)
  archive-tar-minitar (= 0.5.2)
  arel (= 3.0.0)
  attr_encrypted (= 1.2.0)
  awesome_print (= 1.0.2)
  bitly (= 0.7.0)
  builder (= 3.0.0)
  bundler
  bunny (= 0.7.9)
  calais (= 0.0.13)
  cgi_multipart_eof_fix (= 2.5.0)
  chronic (= 0.6.7)
  color (= 1.4.1)
  columnize (= 0.3.6)
  crack (= 0.3.1)
  curl (= 0.0.9)
  daemons (= 1.1.8)
  delayed_job (= 2.0.4)
  diff-lcs (= 1.1.3)
  encryptor (= 1.1.3)
  erubis (= 2.7.0)
  eventmachine (= 0.12.10)
  extensions (= 0.6.0)
  faraday (= 0.7.6)
  fastercsv (= 1.5.4)
  fastthread (= 1.0.7)
  feedvalidator (= 0.1.2)
  ferret (~> 0.11.8.6)
  ffmpeg (= 0.2.5)
  gem_plugin (= 0.2.3)
  gruff (= 0.3.6)
  has_finder (= 0.1.5)
  hashie (= 1.2.0)
  hike (= 1.2.1)
  hodel_3000_compliant_logger (= 0.1.0)
  hoe (= 2.13.1)
  hpricot (= 0.8.6)
  htmlentities (= 4.3.1)
  httparty (= 0.8.1)
  httpclient (= 2.2.4)
  i18n (= 0.6.0)
  icalendar (= 1.1.6)
  iobuffer (= 1.1.2)
  journey (= 1.0.1)
  json (= 1.6.5)
  json_pure (= 1.6.5)
  kgio (= 2.7.2)
  libxml-ruby (~> 2.3, >= 2.3.3)
  linecache (= 0.46)
  linkedin (= 0.3.7)
  mail (= 2.4.1)
  memprof (= 0.3.10)
  mime-types (= 1.17.2)
  mongrel (= 1.1.5)
  mongrel_cluster (= 1.0.5)
  multi_json (= 1.0.4)
  multi_xml (= 0.4.1)
  multipart-post (= 1.1.5)
  net-purge (= 0.1.0)
  net-sftp (= 2.0.5)
  net-ssh (= 2.3.0)
  newrelic_rpm (= 3.3.1)
  nokogiri (= 1.5.0)
  oauth (= 0.4.5)
  oauth2 (= 0.5.2)
  oink (= 0.9.3)
  open4 (= 1.3.0)
  os (= 0.9.6)
  parseexcel (= 0.5.2)
  pdf-writer (= 1.1.8)
  polyglot (= 0.3.3)
  postgres-pr (= 0.6.3)
  pr_geohash (= 1.0.0)
  rack-cache (= 1.1)
  rack-mount (= 0.8.3)
  rack-protection (= 1.2.0)
  rack-ssl (= 1.3.2)
  rack-test (= 0.6.1)
  rails (= 2.3.14)
  raindrops (= 0.8.0)
  rake (= 0.9.2.2)
  rbx-require-relative (= 0.0.5)
  rdoc (= 3.12)
  request-log-analyzer (= 1.12.8)
  rest-client (= 1.6.7)
  rev (= 0.3.2)
  rmagick (~> 2.15, >= 2.15.4)
  rsolr (= 1.0.8)
  ruby-debug (= 0.10.4)
  ruby-debug-base (= 0.10.4)
  ruby-hmac (= 0.4.0)
  ruby-ole (= 1.2.11.2)
  rubyforge (= 2.0.4)
  sanitize (= 2.0.3)
  scruffy (= 0.2.6)
  simple_oauth (= 0.1.5)
  sinatra
  soap4r (= 1.5.8)
  spreadsheet (= 0.6.8)
  spreadsheet-excel (= 0.3.5.1)
  sprockets (= 2.1.2)
  sqlite3 (= 1.3.5)
  sqlite3-ruby (= 1.3.3)
  ssh (= 1.0.0)
  sunspot (= 1.3.3)
  sunspot_rails (= 1.3.3)
  term-ansicolor (= 1.0.7)
  thin (= 1.3.1)
  thor (= 0.14.6)
  tilt (= 1.3.3)
  transaction-simple (= 1.4.0)
  treetop (= 1.4.10)
  tzinfo (= 0.3.31)
  unicorn (= 4.6.3)
  unidecoder (= 1.1.1)
  xhtmldiff (= 1.0.0)
  xml-simple (= 1.1.1)

BUNDLED WITH
   1.10.0
