GIT
  remote: http://github.com/paneq/calendar_date_select.git
  revision: 8e7ec79435a68665df40b14bd90f47e6ac5e9135
  branch: rails3test
  specs:
    calendar_date_select (1.16.1)

PATH
  remote: ../Kreatio_Core
  specs:
    Kreatio-Core (0.0.1)
      rails (~> 3.1.3)

GEM
  remote: http://rubygems.org/
  specs:
    actionmailer (3.1.3)
      actionpack (= 3.1.3)
      mail (~> 2.3.0)
    actionpack (3.1.3)
      activemodel (= 3.1.3)
      activesupport (= 3.1.3)
      builder (~> 3.0.0)
      erubis (~> 2.7.0)
      i18n (~> 0.6)
      rack (~> 1.3.5)
      rack-cache (~> 1.1)
      rack-mount (~> 0.8.2)
      rack-test (~> 0.6.1)
      sprockets (~> 2.0.3)
    active_merchant_ccavenue (0.1.0)
      activemerchant (>= 1.7.3)
    active_utils (1.0.5)
      activesupport (>= 2.3.11)
      i18n
    activemerchant (1.34.1)
      active_utils (>= 1.0.2)
      activesupport (>= 2.3.14)
      builder (>= 2.0.0)
      i18n
      json (>= 1.5.1)
      money
      nokogiri (< 1.6.0)
    activemodel (3.1.3)
      activesupport (= 3.1.3)
      builder (~> 3.0.0)
      i18n (~> 0.6)
    activerecord (3.1.3)
      activemodel (= 3.1.3)
      activesupport (= 3.1.3)
      arel (~> 2.2.1)
      tzinfo (~> 0.3.29)
    activeresource (3.1.3)
      activemodel (= 3.1.3)
      activesupport (= 3.1.3)
    activesupport (3.1.3)
      multi_json (~> 1.0)
    acts_as_ferret (0.5.4)
      ferret (>= 0.11.8)
      rails (>= 3.0)
    acts_as_tree (0.1.1)
    akami (1.2.0)
      gyoku (>= 0.4.0)
      nokogiri (>= 1.4.0)
    ansi (1.4.3)
    arel (2.2.3)
    builder (3.0.0)
    capistrano (2.15.5)
      highline
      net-scp (>= 1.0.0)
      net-sftp (>= 2.0.0)
      net-ssh (>= 2.0.14)
      net-ssh-gateway (>= 1.1.0)
    chronic (0.6.7)
    columnize (0.8.9)
    crack (0.3.1)
    daemons (1.1.9)
    debugger (1.6.8)
      columnize (>= 0.3.1)
      debugger-linecache (~> 1.2.0)
      debugger-ruby_core_source (~> 1.3.5)
    debugger-linecache (1.2.0)
    debugger-ruby_core_source (1.3.5)
    delayed_job (3.0.5)
      activesupport (~> 3.0)
    delayed_job_active_record (0.4.4)
      activerecord (>= 2.1.0, < 4)
      delayed_job (~> 3.0)
    diff-lcs (1.1.3)
    erubis (2.7.0)
    exception_notification (3.0.1)
      actionmailer (>= 3.0.4)
    excon (0.25.3)
    exifr (1.2.4)
    faraday (0.8.7)
      multipart-post (~> 1.1)
    fastercsv (1.5.4)
    fbgraph (1.10.0)
      activesupport
      faraday (>= 0.7.5)
      hashie (>= 1.0.0)
      i18n
      json (>= 1.0.0)
      oauth2 (>= 0.5.0)
      rest-client
    feralchimp (0.2.7)
      faraday (~> 0.8.7)
      json (~> 1.8.0)
    ferret (0.11.8.5)
    fog (1.14.0)
      builder
      excon (~> 0.25.0)
      formatador (~> 0.2.0)
      mime-types
      multi_json (~> 1.0)
      net-scp (~> 1.1)
      net-ssh (>= 2.1.3)
      nokogiri (~> 1.5)
      ruby-hmac
    formatador (0.2.4)
    formtastic (2.0.2)
      rails (~> 3.0)
    fspath (2.1.1)
    gyoku (0.4.6)
      builder (>= 2.1.2)
    hashie (2.0.5)
    highline (1.6.19)
    hike (1.2.3)
    htmlentities (4.3.1)
    httpauth (0.2.0)
    httpi (1.1.1)
      rack
    i18n (0.6.4)
    icalendar (1.4.1)
    image_optim (0.22.0)
      exifr (~> 1.2, >= 1.2.2)
      fspath (~> 2.1)
      image_size (~> 1.3)
      in_threads (~> 1.3)
      progress (~> 3.0, >= 3.0.1)
    image_size (1.4.1)
    in_threads (1.3.1)
    jquery-rails (3.0.4)
      railties (>= 3.0, < 5.0)
      thor (>= 0.14, < 2.0)
    jquery_datepicker (0.3.4)
    json (1.8.0)
    jwt (0.1.8)
      multi_json (>= 1.5)
    kgio (2.8.0)
    libxml-ruby (2.9.0)
    linkedin (0.4.1)
      hashie (>= 1.2, < 2.1)
      multi_json (~> 1.0)
      oauth (~> 0.4)
    liquid (2.4.1)
    mail (2.3.3)
      i18n (>= 0.4.0)
      mime-types (~> 1.16)
      treetop (~> 1.4.8)
    memcache-client (1.8.5)
    mime-types (1.23)
    mixable_engines (0.1.1)
      activesupport (>= 3.0.0)
      i18n
    money (5.1.1)
      i18n (~> 0.6.0)
    multi_json (1.7.7)
    multi_xml (0.5.4)
    multipart-post (1.2.0)
    net-scp (1.1.2)
      net-ssh (>= 2.6.5)
    net-sftp (2.0.5)
      net-ssh (>= 2.0.9)
    net-ssh (2.6.8)
    net-ssh-gateway (1.2.0)
      net-ssh (>= 2.6.5)
    nokogiri (1.5.10)
    nori (1.1.5)
    oauth (0.4.7)
    oauth2 (0.9.2)
      faraday (~> 0.8)
      httpauth (~> 0.2)
      jwt (~> 0.1.4)
      multi_json (~> 1.0)
      multi_xml (~> 0.5)
      rack (~> 1.2)
    pg (0.15.1)
    polyglot (0.3.3)
    pr_geohash (1.0.0)
    progress (3.1.1)
    proxies (0.2.1)
    rack (1.3.10)
    rack-cache (1.2)
      rack (>= 0.4)
    rack-mount (0.8.3)
      rack (>= 1.0.0)
    rack-ssl (1.3.3)
      rack
    rack-test (0.6.2)
      rack (>= 1.0)
    rails (3.1.3)
      actionmailer (= 3.1.3)
      actionpack (= 3.1.3)
      activerecord (= 3.1.3)
      activeresource (= 3.1.3)
      activesupport (= 3.1.3)
      bundler (~> 1.0)
      railties (= 3.1.3)
    railties (3.1.3)
      actionpack (= 3.1.3)
      activesupport (= 3.1.3)
      rack-ssl (~> 1.3.2)
      rake (>= 0.8.7)
      rdoc (~> 3.4)
      thor (~> 0.14.6)
    raindrops (0.11.0)
    rake (10.1.0)
    rdoc (3.12.2)
      json (~> 1.4)
    recaptcha (0.3.5)
    render_with_missing_template (0.0.4)
      rails (>= 3.0.0)
    rest-client (1.6.7)
      mime-types (>= 1.16)
    rmagick (2.16.0)
    roo (2.0.1)
      nokogiri (~> 1)
      rubyzip (~> 1.1, < 2.0.0)
    rsolr (1.0.9)
      builder (>= 2.1.2)
    ruby-hmac (0.4.0)
    rubyzip (1.2.0)
    s3 (0.3.13)
      proxies (~> 0.2.0)
    sanitize (2.0.3)
      nokogiri (>= 1.4.4, < 1.6)
    savon (1.2.0)
      akami (~> 1.2.0)
      builder (>= 2.1.2)
      gyoku (~> 0.4.5)
      httpi (~> 1.1.0)
      nokogiri (>= 1.4.0)
      nori (~> 1.1.0)
      wasabi (~> 2.5.0)
    simple_captcha (0.1.3)
    sneaky-save (0.0.2)
      activerecord (>= 2.3.2)
    sprockets (2.0.4)
      hike (~> 1.2)
      rack (~> 1.0)
      tilt (~> 1.1, != 1.3.0)
    sunspot (2.0.0)
      pr_geohash (~> 1.0)
      rsolr (~> 1.0.7)
    sunspot_rails (2.0.0)
      nokogiri
      sunspot (= 2.0.0)
    sunspot_solr (2.0.0)
    thor (0.14.6)
    tilt (1.4.1)
    treetop (1.4.14)
      polyglot
      polyglot (>= 0.3.1)
    turn (0.9.6)
      ansi
    tzinfo (0.3.37)
    unicorn (4.6.3)
      kgio (~> 2.6)
      rack
      raindrops (~> 0.7)
    wasabi (2.5.1)
      httpi (~> 1.0)
      nokogiri (>= 1.4.0)
    will_paginate (3.0.4)
    xhtmldiff (1.0.0)
      diff-lcs (>= 1.1.1)
    xml-simple (1.1.1)

PLATFORMS
  ruby

DEPENDENCIES
  Kreatio-Core!
  active_merchant_ccavenue
  acts_as_ferret (>= 0.5)
  acts_as_tree (= 0.1.1)
  builder (= 3.0.0)
  calendar_date_select!
  capistrano
  chronic (= 0.6.7)
  crack (= 0.3.1)
  daemons
  debugger
  delayed_job (~> 3.0.3)
  delayed_job_active_record
  diff-lcs (= 1.1.3)
  exception_notification (= 3.0.1)
  fastercsv (= 1.5.4)
  fbgraph
  feralchimp
  fog
  formtastic (= 2.0.2)
  htmlentities (= 4.3.1)
  icalendar
  image_optim
  jquery-rails
  jquery_datepicker (= 0.3.4)
  json
  libxml-ruby
  linkedin
  liquid (= 2.4.1)
  memcache-client
  mime-types
  mixable_engines (= 0.1.1)
  net-sftp (= 2.0.5)
  nokogiri
  oauth
  pg
  rails (= 3.1.3)
  recaptcha
  render_with_missing_template
  rest-client (= 1.6.7)
  rmagick
  roo (~> 2.0.0)
  s3
  sanitize (= 2.0.3)
  savon (~> 1.2.0)
  simple_captcha
  sneaky-save
  sunspot_rails
  sunspot_solr
  turn
  unicorn
  will_paginate (>= 3.0.pre)
  xhtmldiff (= 1.0.0)
  xml-simple (= 1.1.1)

BUNDLED WITH
   1.10.0
